GEM
  remote: https://rubygems.org/
  specs:
    hashie (3.6.0)
    rack (1.6.11)
    rack-protection (1.5.5)
      rack
    sinatra (1.4.4)
      rack (~> 1.4)
      rack-protection (~> 1.4)
      tilt (~> 1.3, >= 1.3.4)
    tilt (1.4.1)

PLATFORMS
  ruby

DEPENDENCIES
  hashie
  sinatra (= 1.4.4)

BUNDLED WITH
   2.0.1
