GEM
  remote: https://rubygems.org/
  specs:
    hashie (3.6.0)
    rack (1.6.11)
    rack-protection (1.5.5)
      rack
    sinatra (1.4.8)
      rack (~> 1.5)
      rack-protection (~> 1.4)
      tilt (>= 1.3, < 3)
    tilt (2.0.9)

PLATFORMS
  ruby

DEPENDENCIES
  hashie
  sinatra (~> 1.4.4)

BUNDLED WITH
   2.0.1
